GEM
  remote: http://rubygems.org/
  specs:
    childprocess (0.5.9)
      ffi (~> 1.0, >= 1.0.11)
    ffi (1.9.14-x86-mingw32)
    power_assert (0.3.1)
    rubyzip (1.2.0)
    selenium-webdriver (3.0.0.beta4.0)
      childprocess (~> 0.5)
      rubyzip (~> 1.0)
      websocket (~> 1.0)
    test-unit (3.2.1)
      power_assert
    websocket (1.2.3)

PLATFORMS
  x86-mingw32

DEPENDENCIES
  selenium-webdriver (~> 3.0.0.beta4.0)
  test-unit

BUNDLED WITH
   1.11.2
